GEM
  remote: http://rubygems.org/
  specs:
    coderay (1.1.0)
    method_source (0.8.2)
    moped (1.5.1)
    pry (0.9.12.4)
      coderay (~> 1.0)
      method_source (~> 0.8)
      slop (~> 3.4)
    pry-nav (0.2.3)
      pry (~> 0.9.10)
    rack (1.5.2)
    rack-contrib (1.1.0)
      rack (>= 0.9.1)
    rack-protection (1.5.1)
      rack
    sinatra (1.4.4)
      rack (~> 1.4)
      rack-protection (~> 1.4)
      tilt (~> 1.3, >= 1.3.4)
    sinatra-param (1.0.3)
      sinatra (~> 1.3)
    slop (3.4.7)
    tilt (1.4.1)

PLATFORMS
  ruby

DEPENDENCIES
  moped
  pry
  pry-nav
  rack-contrib
  sinatra
  sinatra-param
